PATH
  remote: ..
  specs:
    ruby_event_store (2.14.0)
      concurrent-ruby (~> 1.0, >= 1.1.6)

PATH
  remote: .
  specs:
    ruby_event_store-active_record (2.14.0)
      activerecord (>= 6.0)
      ruby_event_store (= 2.14.0)

GEM
  remote: https://oss:7AXfeZdAfCqL1PvHm2nvDJO6Zd9UW8IK@gem.mutant.dev/
  specs:
    mutant-license (0.1.1.2.1627430819213747598431630701693729869473.6)

GEM
  remote: https://rubygems.org/
  specs:
    activemodel (7.0.8)
      activesupport (= 7.0.8)
    activerecord (7.0.8)
      activemodel (= 7.0.8)
      activesupport (= 7.0.8)
    activesupport (7.0.8)
      concurrent-ruby (~> 1.0, >= 1.0.2)
      i18n (>= 1.6, < 2)
      minitest (>= 5.1)
      tzinfo (~> 2.0)
    ast (2.4.2)
    childprocess (4.1.0)
    concurrent-ruby (1.2.2)
    diff-lcs (1.5.0)
    i18n (1.14.1)
      concurrent-ruby (~> 1.0)
    minitest (5.20.0)
    mutant (0.11.22)
      diff-lcs (~> 1.3)
      parser (~> 3.2.2)
      regexp_parser (~> 2.6.1)
      sorbet-runtime (~> 0.5.0)
      unparser (~> 0.6.8)
    mutant-minitest (0.11.22)
      minitest (~> 5.11)
      mutant (= 0.11.22)
    mutant-rspec (0.11.22)
      mutant (= 0.11.22)
      rspec-core (>= 3.8.0, < 4.0.0)
    mysql2 (0.5.6)
    parser (3.2.2.3)
      ast (~> 2.4.1)
      racc
    pg (1.5.4)
    racc (1.7.3)
    rake (13.0.6)
    regexp_parser (2.6.2)
    rspec (3.12.0)
      rspec-core (~> 3.12.0)
      rspec-expectations (~> 3.12.0)
      rspec-mocks (~> 3.12.0)
    rspec-core (3.12.2)
      rspec-support (~> 3.12.0)
    rspec-expectations (3.12.3)
      diff-lcs (>= 1.2.0, < 2.0)
      rspec-support (~> 3.12.0)
    rspec-mocks (3.12.6)
      diff-lcs (>= 1.2.0, < 2.0)
      rspec-support (~> 3.12.0)
    rspec-support (3.12.1)
    sorbet-runtime (0.5.11042)
    sqlite3 (1.7.0-arm64-darwin)
    sqlite3 (1.7.0-x86_64-darwin)
    sqlite3 (1.7.0-x86_64-linux)
    tzinfo (2.0.6)
      concurrent-ruby (~> 1.0)
    unparser (0.6.8)
      diff-lcs (~> 1.3)
      parser (>= 3.2.0)

PLATFORMS
  arm64-darwin-21
  arm64-darwin-22
  arm64-darwin-23
  x86_64-darwin-22
  x86_64-linux

DEPENDENCIES
  childprocess
  mutant (= 0.11.22)
  mutant-license!
  mutant-minitest (= 0.11.22)
  mutant-rspec (= 0.11.22)
  mysql2 (~> 0.5.6)
  pg (~> 1.5.4)
  rake (>= 10.0)
  rspec (~> 3.6)
  ruby_event_store!
  ruby_event_store-active_record!
  sqlite3 (~> 1.7)

BUNDLED WITH
   2.5.3
